PATH
  remote: .
  specs:
    flow (0.10.6)
      activemodel (>= 5.2.1)
      activerecord (>= 5.2.1)
      activesupport (>= 5.2.1)
      malfunction (>= 0.2.0, < 1.0)
      spicery (>= 0.21.0, < 1.0)

GEM
  remote: https://rubygems.org/
  specs:
    activemodel (6.0.3.1)
      activesupport (= 6.0.3.1)
    activerecord (6.0.3.1)
      activemodel (= 6.0.3.1)
      activesupport (= 6.0.3.1)
    activesupport (6.0.3.1)
      concurrent-ruby (~> 1.0, >= 1.0.2)
      i18n (>= 0.7, < 2)
      minitest (~> 5.1)
      tzinfo (~> 1.1)
      zeitwerk (~> 2.2, >= 2.2.2)
    around_the_world (0.25.2)
      activesupport (>= 5.2.1)
    ast (2.4.1)
    bcrypt (3.1.13)
    byebug (11.0.1)
    coderay (1.1.2)
    collectible (0.25.2)
      activesupport (>= 5.2.1)
      short_circu_it (= 0.25.2)
      tablesalt (= 0.25.2)
    concurrent-ruby (1.1.7)
    conjunction (0.25.2)
      activemodel (>= 5.2.1)
      activesupport (>= 5.2.1)
      directive (= 0.25.2)
      spicerack (= 0.25.2)
    diff-lcs (1.4.4)
    directive (0.25.2)
      activesupport (>= 5.2.1)
      spicerack (= 0.25.2)
    docile (1.3.2)
    facet (0.25.2)
      activesupport (>= 5.2.1)
      short_circu_it (= 0.25.2)
      tablesalt (= 0.25.2)
    faker (2.14.0)
      i18n (>= 1.6, < 2)
    i18n (1.8.5)
      concurrent-ruby (~> 1.0)
    json (2.3.0)
    malfunction (0.2.0)
      activesupport (>= 5.2.1)
      spicery (>= 0.21.0, < 1.0)
    method_source (0.9.2)
    minitest (5.14.2)
    parallel (1.19.2)
    parser (2.7.2.0)
      ast (~> 2.4.1)
    pry (0.12.2)
      coderay (~> 1.1.0)
      method_source (~> 0.9.0)
    pry-byebug (3.7.0)
      byebug (~> 11.0)
      pry (~> 0.10)
    rack (2.2.3)
    rainbow (3.0.0)
    rake (13.0.1)
    redis (4.2.2)
    redis_hash (0.25.2)
      activesupport (>= 5.2.1)
      redis (>= 3.0)
      tablesalt (= 0.25.2)
    regexp_parser (1.8.2)
    rexml (3.2.4)
    rspec (3.9.0)
      rspec-core (~> 3.9.0)
      rspec-expectations (~> 3.9.0)
      rspec-mocks (~> 3.9.0)
    rspec-core (3.9.3)
      rspec-support (~> 3.9.3)
    rspec-expectations (3.9.2)
      diff-lcs (>= 1.2.0, < 2.0)
      rspec-support (~> 3.9.0)
    rspec-mocks (3.9.1)
      diff-lcs (>= 1.2.0, < 2.0)
      rspec-support (~> 3.9.0)
    rspec-support (3.9.3)
    rspice (0.25.2)
      faker (>= 1.8, < 3.0)
      rspec (~> 3.0)
    rubocop (0.92.0)
      parallel (~> 1.10)
      parser (>= 2.7.1.5)
      rainbow (>= 2.2.2, < 4.0)
      regexp_parser (>= 1.7)
      rexml
      rubocop-ast (>= 0.5.0)
      ruby-progressbar (~> 1.7)
      unicode-display_width (>= 1.4.0, < 2.0)
    rubocop-ast (0.8.0)
      parser (>= 2.7.1.5)
    rubocop-performance (1.8.1)
      rubocop (>= 0.87.0)
      rubocop-ast (>= 0.4.0)
    rubocop-rails (2.8.1)
      activesupport (>= 4.2.0)
      rack (>= 1.1)
      rubocop (>= 0.87.0)
    rubocop-rspec (1.43.2)
      rubocop (~> 0.87)
    ruby-progressbar (1.10.1)
    short_circu_it (0.25.2)
      activesupport (>= 5.2.1)
      around_the_world (= 0.25.2)
    shoulda-matchers (4.0.1)
      activesupport (>= 4.2.0)
    simplecov (0.17.1)
      docile (~> 1.1)
      json (>= 1.8, < 3)
      simplecov-html (~> 0.10.0)
    simplecov-html (0.10.2)
    spicerack (0.25.2)
      around_the_world (= 0.25.2)
      redis_hash (= 0.25.2)
      short_circu_it (= 0.25.2)
      tablesalt (= 0.25.2)
      technologic (= 0.25.2)
    spicerack-styleguide (0.25.2)
      rubocop (~> 0.92.0)
      rubocop-performance (~> 1.8.0)
      rubocop-rails (~> 2.8.0)
      rubocop-rspec (~> 1.43.0)
    spicery (0.25.2)
      collectible (= 0.25.2)
      conjunction (= 0.25.2)
      facet (= 0.25.2)
      spicerack (= 0.25.2)
    sqlite3 (1.4.2)
    tablesalt (0.25.2)
      activemodel (>= 5.2.1)
      activesupport (>= 5.2.1)
    technologic (0.25.2)
      activesupport (>= 5.2.1)
      short_circu_it (= 0.25.2)
    thread_safe (0.3.6)
    tzinfo (1.2.7)
      thread_safe (~> 0.1)
    unicode-display_width (1.7.0)
    zeitwerk (2.4.0)

PLATFORMS
  ruby

DEPENDENCIES
  bcrypt (~> 3.1.13)
  bundler (>= 2.0.1)
  flow!
  pry-byebug (>= 3.7.0)
  rake (~> 13.0)
  rspice (>= 0.21.0, < 1.0)
  shoulda-matchers (= 4.0.1)
  simplecov (~> 0.16)
  spicerack-styleguide (>= 0.21.0, < 1.0)
  sqlite3 (~> 1.3)

BUNDLED WITH
   2.1.4
