PATH
  remote: .
  specs:
    flow (0.10.3)
      activemodel (>= 5.2.1)
      activerecord (>= 5.2.1)
      activesupport (>= 5.2.1)
      spicerack (>= 0.13.3, < 1.0)

GEM
  remote: https://rubygems.org/
  specs:
    actionpack (6.0.0)
      actionview (= 6.0.0)
      activesupport (= 6.0.0)
      rack (~> 2.0)
      rack-test (>= 0.6.3)
      rails-dom-testing (~> 2.0)
      rails-html-sanitizer (~> 1.0, >= 1.2.0)
    actionview (6.0.0)
      activesupport (= 6.0.0)
      builder (~> 3.1)
      erubi (~> 1.4)
      rails-dom-testing (~> 2.0)
      rails-html-sanitizer (~> 1.1, >= 1.2.0)
    activemodel (6.0.0)
      activesupport (= 6.0.0)
    activerecord (6.0.0)
      activemodel (= 6.0.0)
      activesupport (= 6.0.0)
    activesupport (6.0.0)
      concurrent-ruby (~> 1.0, >= 1.0.2)
      i18n (>= 0.7, < 2)
      minitest (~> 5.1)
      tzinfo (~> 1.1)
      zeitwerk (~> 2.1, >= 2.1.8)
    around_the_world (0.16.3)
      activesupport (>= 5.2.1)
    ast (2.4.0)
    builder (3.2.3)
    byebug (11.0.1)
    coderay (1.1.2)
    collectible (0.16.3)
      activesupport (>= 5.2.1)
      short_circu_it (= 0.16.3)
      tablesalt (= 0.16.3)
    concurrent-ruby (1.1.5)
    crass (1.0.4)
    diff-lcs (1.3)
    docile (1.3.1)
    erubi (1.8.0)
    facet (0.16.3)
      activesupport (>= 5.2.1)
      short_circu_it (= 0.16.3)
      tablesalt (= 0.16.3)
    faker (1.9.3)
      i18n (>= 0.7)
    i18n (1.6.0)
      concurrent-ruby (~> 1.0)
    jaro_winkler (1.5.2)
    json (2.2.0)
    loofah (2.2.3)
      crass (~> 1.0.2)
      nokogiri (>= 1.5.9)
    method_source (0.9.2)
    mini_portile2 (2.4.0)
    minitest (5.11.3)
    nokogiri (1.10.4)
      mini_portile2 (~> 2.4.0)
    parallel (1.17.0)
    parser (2.6.3.0)
      ast (~> 2.4.0)
    pry (0.12.2)
      coderay (~> 1.1.0)
      method_source (~> 0.9.0)
    pry-byebug (3.7.0)
      byebug (~> 11.0)
      pry (~> 0.10)
    rack (2.0.7)
    rack-test (1.1.0)
      rack (>= 1.0, < 3)
    rails-dom-testing (2.0.3)
      activesupport (>= 4.2.0)
      nokogiri (>= 1.6)
    rails-html-sanitizer (1.2.0)
      loofah (~> 2.2, >= 2.2.2)
    railties (6.0.0)
      actionpack (= 6.0.0)
      activesupport (= 6.0.0)
      method_source
      rake (>= 0.8.7)
      thor (>= 0.20.3, < 2.0)
    rainbow (3.0.0)
    rake (10.5.0)
    redis (4.1.3)
    redis_hash (0.16.3)
      activesupport (>= 5.2.1)
      redis (>= 3.0)
      tablesalt (= 0.16.3)
    rspec (3.8.0)
      rspec-core (~> 3.8.0)
      rspec-expectations (~> 3.8.0)
      rspec-mocks (~> 3.8.0)
    rspec-core (3.8.2)
      rspec-support (~> 3.8.0)
    rspec-expectations (3.8.4)
      diff-lcs (>= 1.2.0, < 2.0)
      rspec-support (~> 3.8.0)
    rspec-mocks (3.8.1)
      diff-lcs (>= 1.2.0, < 2.0)
      rspec-support (~> 3.8.0)
    rspec-support (3.8.2)
    rspice (0.14.0)
      faker (~> 1.8)
      rspec (~> 3.0)
    rubocop (0.68.1)
      jaro_winkler (~> 1.5.1)
      parallel (~> 1.10)
      parser (>= 2.5, != 2.5.1.1)
      rainbow (>= 2.2.2, < 4.0)
      ruby-progressbar (~> 1.7)
      unicode-display_width (>= 1.4.0, < 1.6)
    rubocop-performance (1.1.0)
      rubocop (>= 0.67.0)
    rubocop-rspec (1.32.0)
      rubocop (>= 0.60.0)
    ruby-progressbar (1.10.1)
    short_circu_it (0.16.3)
      activesupport (>= 5.2.1)
      around_the_world (= 0.16.3)
    shoulda-matchers (4.0.1)
      activesupport (>= 4.2.0)
    simplecov (0.16.1)
      docile (~> 1.1)
      json (>= 1.8, < 3)
      simplecov-html (~> 0.10.0)
    simplecov-html (0.10.2)
    spicerack (0.16.3)
      around_the_world (= 0.16.3)
      collectible (= 0.16.3)
      facet (= 0.16.3)
      redis_hash (= 0.16.3)
      short_circu_it (= 0.16.3)
      tablesalt (= 0.16.3)
      technologic (= 0.16.3)
    spicerack-styleguide (0.14.0)
      rubocop (= 0.68.1)
      rubocop-performance (= 1.1.0)
      rubocop-rspec (= 1.32.0)
    sqlite3 (1.4.1)
    tablesalt (0.16.3)
      activemodel (>= 5.2.1)
      activesupport (>= 5.2.1)
    technologic (0.16.3)
      activesupport (>= 5.2.1)
      railties (>= 5.2.1)
      short_circu_it (= 0.16.3)
    thor (0.20.3)
    thread_safe (0.3.6)
    tzinfo (1.2.5)
      thread_safe (~> 0.1)
    unicode-display_width (1.5.0)
    zeitwerk (2.1.10)

PLATFORMS
  ruby

DEPENDENCIES
  bundler (~> 2.0.1)
  faker (~> 1.8)
  flow!
  pry-byebug (>= 3.7.0)
  rake (~> 10.0)
  rspec (~> 3.0)
  rspice (>= 0.13.3, < 1.0)
  shoulda-matchers (= 4.0.1)
  simplecov (~> 0.16)
  spicerack-styleguide (>= 0.13.3, < 1.0)
  sqlite3 (~> 1.3)

BUNDLED WITH
   2.0.2
